GEM
  remote: https://rubygems.org/
  specs:
    httparty (0.16.2)
      multi_xml (>= 0.5.2)
    multi_xml (0.6.0)
    oj (3.6.10)

PLATFORMS
  ruby

DEPENDENCIES
  httparty (~> 0.16)
  oj (~> 3.6)

BUNDLED WITH
   1.15.4
