GEM
  remote: https://rubygems.org/
  specs:
    oj (3.6.10)

PLATFORMS
  ruby

DEPENDENCIES
  oj (~> 3.6)

BUNDLED WITH
   1.15.4
